GEM
  remote: http://rubygems.org/
  specs:
    json (1.5.1)
    mysql (2.8.1)
    rack (1.3.0)
    sinatra (1.2.0)
      rack (~> 1.1)
      tilt (>= 1.2.2, < 2.0)
    tilt (1.3.2)

PLATFORMS
  ruby

DEPENDENCIES
  json (= 1.5.1)
  mysql (= 2.8.1)
  sinatra (= 1.2.0)
