GEM
  remote: http://rubygems.org/
  specs:
    abstract (1.0.0)
    actionmailer (3.0.0.rc)
      actionpack (= 3.0.0.rc)
      mail (~> 2.2.5)
    actionpack (3.0.0.rc)
      activemodel (= 3.0.0.rc)
      activesupport (= 3.0.0.rc)
      builder (~> 2.1.2)
      erubis (~> 2.6.6)
      i18n (~> 0.4.1)
      rack (~> 1.2.1)
      rack-mount (~> 0.6.9)
      rack-test (~> 0.5.4)
      tzinfo (~> 0.3.22)
    activemodel (3.0.0.rc)
      activesupport (= 3.0.0.rc)
      builder (~> 2.1.2)
      i18n (~> 0.4.1)
    activerecord (3.0.0.rc)
      activemodel (= 3.0.0.rc)
      activesupport (= 3.0.0.rc)
      arel (~> 0.4.0)
      tzinfo (~> 0.3.22)
    activeresource (3.0.0.rc)
      activemodel (= 3.0.0.rc)
      activesupport (= 3.0.0.rc)
    activesupport (3.0.0.rc)
    arel (0.4.0)
      activesupport (>= 3.0.0.beta)
    builder (2.1.2)
    diff-lcs (1.1.2)
    erubis (2.6.6)
      abstract (>= 1.0.0)
    i18n (0.4.1)
    json (1.4.3)
    mail (2.2.5)
      activesupport (>= 2.3.6)
      mime-types
      treetop (>= 1.4.5)
    mime-types (1.16)
    mysql (2.8.1)
    nokogiri (1.4.3.1)
    polyglot (0.3.1)
    rack (1.2.1)
    rack-mount (0.6.9)
      rack (>= 1.0.0)
    rack-test (0.5.4)
      rack (>= 1.0)
    rails (3.0.0.rc)
      actionmailer (= 3.0.0.rc)
      actionpack (= 3.0.0.rc)
      activerecord (= 3.0.0.rc)
      activeresource (= 3.0.0.rc)
      activesupport (= 3.0.0.rc)
      bundler (>= 1.0.0.rc.1)
      railties (= 3.0.0.rc)
    railties (3.0.0.rc)
      actionpack (= 3.0.0.rc)
      activesupport (= 3.0.0.rc)
      rake (>= 0.8.3)
      thor (~> 0.14.0)
    rake (0.8.7)
    rspec (2.0.0.beta.19)
      rspec-core (= 2.0.0.beta.19)
      rspec-expectations (= 2.0.0.beta.19)
      rspec-mocks (= 2.0.0.beta.19)
    rspec-core (2.0.0.beta.19)
    rspec-expectations (2.0.0.beta.19)
      diff-lcs (>= 1.1.2)
    rspec-mocks (2.0.0.beta.19)
    rspec-rails (2.0.0.beta.19)
      rspec (= 2.0.0.beta.19)
      webrat (>= 0.7.2.beta.1)
    sqlite3-ruby (1.2.5)
    thor (0.14.0)
    treetop (1.4.8)
      polyglot (>= 0.3.1)
    tzinfo (0.3.22)
    webrat (0.7.2.beta.1)
      nokogiri (>= 1.2.0)
      rack (>= 1.0)
      rack-test (>= 0.5.3)

PLATFORMS
  ruby

DEPENDENCIES
  json (= 1.4.3)
  mysql (= 2.8.1)
  rails (= 3.0.0.rc)
  rspec (>= 2.0.0.beta.11)
  rspec-rails (>= 2.0.0.beta.17)
  sqlite3-ruby
